GIT
  remote: https://github.com/coditsu/support-engine.git
  revision: 81845d15a125c377e091380e7cc0a3da820ba661
  specs:
    support_engine (0.1.4)
      activesupport
      zeitwerk

PATH
  remote: .
  specs:
    macros (1.15.0)
      activesupport
      require_all
      trailblazer

GEM
  remote: https://rubygems.org/
  specs:
    activesupport (6.1.1)
      concurrent-ruby (~> 1.0, >= 1.0.2)
      i18n (>= 1.6, < 2)
      minitest (>= 5.1)
      tzinfo (~> 2.0)
      zeitwerk (~> 2.3)
    concurrent-ruby (1.1.7)
    declarative (0.0.20)
    declarative-builder (0.1.0)
      declarative-option (< 0.2.0)
    declarative-option (0.1.0)
    diff-lcs (1.4.4)
    disposable (0.4.7)
      declarative (>= 0.0.9, < 1.0.0)
      declarative-builder (< 0.2.0)
      declarative-option (< 0.2.0)
      representable (>= 2.4.0, <= 3.1.0)
      uber (< 0.2.0)
    docile (1.3.4)
    hashie (4.1.0)
    hirb (0.7.3)
    i18n (1.8.7)
      concurrent-ruby (~> 1.0)
    minitest (5.14.3)
    reform (2.3.3)
      disposable (>= 0.4.2, < 0.5.0)
      representable (>= 2.4.0, < 3.1.0)
      uber (< 0.2.0)
    representable (3.0.4)
      declarative (< 0.1.0)
      declarative-option (< 0.2.0)
      uber (< 0.2.0)
    require_all (3.0.0)
    rspec (3.10.0)
      rspec-core (~> 3.10.0)
      rspec-expectations (~> 3.10.0)
      rspec-mocks (~> 3.10.0)
    rspec-core (3.10.1)
      rspec-support (~> 3.10.0)
    rspec-expectations (3.10.1)
      diff-lcs (>= 1.2.0, < 2.0)
      rspec-support (~> 3.10.0)
    rspec-mocks (3.10.1)
      diff-lcs (>= 1.2.0, < 2.0)
      rspec-support (~> 3.10.0)
    rspec-support (3.10.1)
    simplecov (0.21.1)
      docile (~> 1.1)
      simplecov-html (~> 0.11)
      simplecov_json_formatter (~> 0.1)
    simplecov-html (0.12.3)
    simplecov_json_formatter (0.1.2)
    trailblazer (2.1.0)
      trailblazer-macro (>= 2.1.0, < 2.2.0)
      trailblazer-macro-contract (>= 2.1.0, < 2.2.0)
      trailblazer-operation
    trailblazer-activity (0.11.4)
      trailblazer-context (>= 0.3.1, < 0.4.0)
    trailblazer-activity-dsl-linear (0.3.4)
      trailblazer-activity (>= 0.11.3, < 1.0.0)
    trailblazer-context (0.3.1)
      hashie (~> 4.1)
    trailblazer-developer (0.0.16)
      hirb
      representable
      trailblazer-activity (>= 0.11.0, < 1.0.0)
      trailblazer-activity-dsl-linear
    trailblazer-macro (2.1.4)
      trailblazer-activity (>= 0.11.2, < 1.0.0)
      trailblazer-activity-dsl-linear (>= 0.3.3, < 1.0.0)
      trailblazer-operation (>= 0.6.5)
    trailblazer-macro-contract (2.1.0)
      reform (>= 2.2.0, < 3.0.0)
    trailblazer-operation (0.6.5)
      trailblazer-activity (>= 0.11.2, < 1.0.0)
      trailblazer-activity-dsl-linear (>= 0.3.2, < 1.0.0)
      trailblazer-developer (>= 0.0.8)
    tzinfo (2.0.4)
      concurrent-ruby (~> 1.0)
    uber (0.1.0)
    zeitwerk (2.4.2)

PLATFORMS
  x86_64-linux

DEPENDENCIES
  bundler
  macros!
  rspec
  simplecov
  support_engine!

BUNDLED WITH
   2.2.4
